GEM
  remote: http://rubygems.org/
  specs:
    bourbon (3.1.8)
      sass (>= 3.2.0)
      thor
    classifier (1.3.3)
      fast-stemmer (>= 1.0.0)
    colorator (0.1)
    commander (4.1.4)
      highline (~> 1.6.11)
    directory_watcher (1.4.1)
    fast-stemmer (1.0.2)
    haml (4.0.3)
      tilt
    highline (1.6.19)
    jekyll (1.1.2)
      classifier (~> 1.3)
      colorator (~> 0.1)
      commander (~> 4.1.3)
      directory_watcher (~> 1.4.1)
      kramdown (~> 1.0.2)
      liquid (~> 2.5.1)
      maruku (~> 0.5)
      pygments.rb (~> 0.5.0)
      redcarpet (~> 2.2.2)
      safe_yaml (~> 0.7.0)
    kramdown (1.0.2)
    liquid (2.5.1)
    maruku (0.6.1)
      syntax (>= 1.0.0)
    posix-spawn (0.3.6)
    pygments.rb (0.5.2)
      posix-spawn (~> 0.3.6)
      yajl-ruby (~> 1.1.0)
    rdiscount (2.1.6)
    redcarpet (2.2.2)
    safe_yaml (0.7.1)
    sass (3.2.10)
    syntax (1.0.0)
    thor (0.18.1)
    tilt (1.4.1)
    yajl-ruby (1.1.0)

PLATFORMS
  ruby

DEPENDENCIES
  bourbon
  haml
  jekyll
  rdiscount
  sass
